GEM
  remote: https://rubygems.org/
  specs:
    activemodel (5.2.4.5)
      activesupport (= 5.2.4.5)
    activerecord (5.2.4.5)
      activemodel (= 5.2.4.5)
      activesupport (= 5.2.4.5)
      arel (>= 9.0)
    activerecord-jdbc-adapter (52.6-java)
      activerecord (~> 5.2.0)
    activerecord-jdbcsqlite3-adapter (52.6-java)
      activerecord-jdbc-adapter (= 52.6)
      jdbc-sqlite3 (~> 3.8, < 3.30)
    activesupport (5.2.4.5)
      concurrent-ruby (~> 1.0, >= 1.0.2)
      i18n (>= 0.7, < 2)
      minitest (~> 5.1)
      tzinfo (~> 1.1)
    addressable (2.4.0)
    arel (9.0.0)
    array_include_methods (1.0.3)
    awesome_print (1.8.0)
    builder (3.2.4)
    clipboard (1.3.5)
    concurrent-ruby (1.1.8)
    descendants_tracker (0.0.4)
      thread_safe (~> 0.3, >= 0.3.1)
    diff-lcs (1.4.4)
    facets (3.1.0)
    faraday (0.9.2)
      multipart-post (>= 1.2, < 3)
    filewatcher (1.1.1)
      optimist (~> 3.0)
    git (1.7.0)
      rchardet (~> 1.8)
    git-glimmer (1.7.0)
      rchardet (~> 1.8)
    github_api (0.16.0)
      addressable (~> 2.4.0)
      descendants_tracker (~> 0.0.4)
      faraday (~> 0.8, < 0.10)
      hashie (>= 3.4)
      mime-types (>= 1.16, < 3.0)
      oauth2 (~> 1.0)
    glimmer (1.0.1)
      array_include_methods (>= 1.0.3, < 2.0.0)
      facets (>= 3.1.0, < 4.0.0)
    glimmer-cs-gladiator (0.3.1)
      clipboard (~> 1.3.4)
      filewatcher (~> 1.1.1)
      glimmer-dsl-swt (>= 4.17.2.0, < 5.0.0.0)
    glimmer-cw-cdatetime-nebula (1.5.0.1.0)
      glimmer-dsl-swt (>= 4.17.2.0, < 5.0.0.0)
    glimmer-dsl-swt (4.17.2.4)
      git-glimmer (= 1.7.0)
      glimmer (~> 1.0.1)
      logging (>= 2.3.0, < 3.0.0)
      nested_inherited_jruby_include_package (~> 0.3.0)
      os (>= 1.0.0, < 2.0.0)
      puts_debuggerer (~> 0.10.2)
      rake (>= 10.1.0, < 14.0.0)
      rake-tui (>= 0.2.3, < 2.0.0)
      super_module (~> 1.4.1)
      text-table (>= 1.2.4, < 2.0.0)
      tty-markdown (>= 0.6.0, < 2.0.0)
    hashie (4.1.0)
    highline (2.0.3)
    i18n (1.8.9)
      concurrent-ruby (~> 1.0)
    jar-dependencies (0.4.1)
    jdbc-sqlite3 (3.28.0)
    jeweler (2.3.9)
      builder
      bundler
      git (>= 1.2.5)
      github_api (~> 0.16.0)
      highline (>= 1.6.15)
      nokogiri (>= 1.5.10)
      psych
      rake
      rdoc
      semver2
    jruby-jars (9.2.13.0)
    jruby-rack (1.1.21)
    jwt (2.2.2)
    kramdown (2.3.0)
      rexml
    little-plugger (1.1.4)
    logging (2.3.0)
      little-plugger (~> 1.1)
      multi_json (~> 1.14)
    method_source (1.0.0)
    mime-types (2.99.3)
    mini_portile2 (2.8.0)
    minitest (5.14.4)
    multi_json (1.15.0)
    multi_xml (0.6.0)
    multipart-post (2.1.1)
    nested_inherited_jruby_include_package (0.3.0)
    nokogiri (1.13.4)
      mini_portile2 (~> 2.8.0)
      racc (~> 1.4)
    nokogiri (1.13.4-java)
      racc (~> 1.4)
    oauth2 (1.4.4)
      faraday (>= 0.8, < 2.0)
      jwt (>= 1.0, < 3.0)
      multi_json (~> 1.3)
      multi_xml (~> 0.5)
      rack (>= 1.2, < 3)
    optimist (3.0.1)
    os (1.1.1)
    pastel (0.8.0)
      tty-color (~> 0.5)
    psych (3.2.0)
    psych (3.2.0-java)
      jar-dependencies (>= 0.1.7)
    puts_debuggerer (0.10.2)
      awesome_print (~> 1.8.0)
    racc (1.6.0)
    racc (1.6.0-java)
    rack (2.2.3)
    rake (13.0.1)
    rake-tui (0.2.3)
      tty-prompt
    rchardet (1.8.0)
    rdoc (6.2.1)
    rexml (3.2.4)
    rouge (3.24.0)
    rspec (3.9.0)
      rspec-core (~> 3.9.0)
      rspec-expectations (~> 3.9.0)
      rspec-mocks (~> 3.9.0)
    rspec-core (3.9.3)
      rspec-support (~> 3.9.3)
    rspec-expectations (3.9.2)
      diff-lcs (>= 1.2.0, < 2.0)
      rspec-support (~> 3.9.0)
    rspec-mocks (3.9.1)
      diff-lcs (>= 1.2.0, < 2.0)
      rspec-support (~> 3.9.0)
    rspec-support (3.9.3)
    rubyzip (1.3.0)
    semver2 (3.4.2)
    strings (0.2.0)
      strings-ansi (~> 0.2)
      unicode-display_width (~> 1.5)
      unicode_utils (~> 1.4)
    strings-ansi (0.2.0)
    super_module (1.4.1)
      method_source (>= 0.8.2, < 1.1.0)
    text-table (1.2.4)
    thread_safe (0.3.6)
    thread_safe (0.3.6-java)
    tty-color (0.5.2)
    tty-cursor (0.7.1)
    tty-markdown (0.7.0)
      kramdown (>= 1.16.2, < 3.0)
      pastel (~> 0.8)
      rouge (~> 3.14)
      strings (~> 0.2.0)
      tty-color (~> 0.5)
      tty-screen (~> 0.8)
    tty-prompt (0.22.0)
      pastel (~> 0.8)
      tty-reader (~> 0.8)
    tty-reader (0.8.0)
      tty-cursor (~> 0.7)
      tty-screen (~> 0.8)
      wisper (~> 2.0)
    tty-screen (0.8.1)
    tzinfo (1.2.9)
      thread_safe (~> 0.1)
    unicode-display_width (1.7.0)
    unicode_utils (1.4.0)
    warbler (2.0.5)
      jruby-jars (>= 9.0.0.0)
      jruby-rack (>= 1.1.1, < 1.3)
      rake (>= 10.1.0)
      rubyzip (~> 1.0, < 1.4)
    wisper (2.0.1)

PLATFORMS
  java
  ruby

DEPENDENCIES
  activerecord (~> 5.2.4.3)
  activerecord-jdbcsqlite3-adapter (~> 52.6)
  glimmer-cs-gladiator
  glimmer-cw-cdatetime-nebula (~> 1.5.0.1.0)
  glimmer-dsl-swt (~> 4.17.2.4)
  jeweler
  rspec
  warbler

BUNDLED WITH
   2.1.4
